GEM
  remote: http://rubygems.org/
  specs:
    activesupport (3.0.0)
    crack (0.1.8)
    httparty (0.6.1)
      crack (= 0.1.8)
    json (1.4.6)
    text-hyphen (1.0.0)
    text-reform (0.2.0)
      text-hyphen (~> 1.0.0)
    thor (0.14.0)

PLATFORMS
  ruby

DEPENDENCIES
  activesupport (= 3.0.0)
  httparty
  json
  text-reform
  thor
